GEM
  remote: https://rubygems.org/
  specs:
    bcrypt (3.1.12-x86-mingw32)
    byebug (10.0.2)
    jwt (2.1.0)
    pg (0.21.0-x86-mingw32)
    puma (3.12.0)
    thread_safe (0.3.6)
    tzinfo (1.2.5)
      thread_safe (~> 0.1)
    tzinfo-data (1.2018.5)
      tzinfo (>= 1.0.0)

PLATFORMS
  x86-mingw32

DEPENDENCIES
  bcrypt (~> 3.1.7)
  byebug
  jwt
  pg
  puma (~> 3.7)
  tzinfo-data

BUNDLED WITH
   1.15.3
